{
	"Modality": "MR",
	"MagneticFieldStrength": 3,
	"ImagingFrequency": 123.259,
	"Manufacturer": "Siemens",
	"ManufacturersModelName": "Prisma_fit",
	"InstitutionName": "NU_Tuna",
	"InstitutionalDepartmentName": "Department",
	"InstitutionAddress": "Fairbanks_710_Chicago_Chicago_US_60611",
	"DeviceSerialNumber": "67034",
	"StationName": "MRC35427",
	"BodyPartExamined": "BRAIN",
	"PatientPosition": "HFS",
	"ProcedureStepDescription": "fMRI_STUDIES_ZELANO",
	"SoftwareVersions": "syngo_MR_E11",
	"MRAcquisitionType": "3D",
	"SeriesDescription": "tfl_epinav_ME2_pt8mm_p2_RMS",
	"ProtocolName": "tfl_epinav_ME2_pt8mm_p2",
	"ScanningSequence": "GR_IR",
	"SequenceVariant": "SK_SP_MP",
	"ScanOptions": "IR_PFP_WE",
	"SequenceName": "tfl3d2_16ns",
	"ImageType": ["ORIGINAL", "PRIMARY", "OTHER", "ND", "NORM", "MEAN"],
	"SeriesNumber": 8,
	"AcquisitionTime": "10:20:54.365000",
	"AcquisitionNumber": 1,
	"SliceThickness": 0.8,
	"SAR": 0.0273556,
	"NumberOfAverages": 2,
	"EchoTime": 0.00186,
	"RepetitionTime": 2.3,
	"InversionTime": 1.18,
	"FlipAngle": 7,
	"PartialFourier": 0.75,
	"BaseResolution": 320,
	"ShimSetting": [
		2628,
		5449,
		-7451,
		500,
		-68,
		-974,
		-29,
		-119	],
	"TxRefAmp": 222.891,
	"PhaseResolution": 1,
	"ReceiveCoilName": "HeadNeck_64",
	"ReceiveCoilActiveElements": "HC1-7;NC1,2",
	"CoilString": "HC1-7;NC1_2",
	"PulseSequenceDetails": "%CustomerSeq%_tfl_mgh_epinav_ABCD",
	"WipMemBlock": "Prisma_epi_moco_navigator_ABCD_tfl.prot",
	"RefLinesPE": 36,
	"ConsistencyInfo": "N4_VE11C_LATEST_20160120",
	"PercentPhaseFOV": 100,
	"PhaseEncodingSteps": 239,
	"AcquisitionMatrixPE": 320,
	"ReconMatrixPE": 320,
	"ParallelReductionFactorInPlane": 2,
	"PixelBandwidth": 650,
	"DwellTime": 2.4e-06,
	"ImageOrientationPatientDICOM": [
		-0.0588268,
		0.977177,
		0.204118,
		-0.107144,
		0.197111,
		-0.974509	],
	"InPlanePhaseEncodingDirectionDICOM": "ROW",
	"ConversionSoftware": "dcm2niix",
	"ConversionSoftwareVersion": "v1.0.20190902"
}
