{
	"Modality": "MR",
	"MagneticFieldStrength": 3,
	"ImagingFrequency": 123.259,
	"Manufacturer": "Siemens",
	"ManufacturersModelName": "Prisma_fit",
	"InstitutionName": "NU_Tuna",
	"InstitutionalDepartmentName": "Department",
	"InstitutionAddress": "Fairbanks_710_Chicago_Chicago_US_60611",
	"DeviceSerialNumber": "67034",
	"StationName": "MEDPC",
	"BodyPartExamined": "BRAIN",
	"PatientPosition": "HFS",
	"ProcedureStepDescription": "fMRI_STUDIES_ZELANO",
	"SoftwareVersions": "syngo_MR_D13D",
	"MRAcquisitionType": "3D",
	"SeriesDescription": "tfl_epinav_ME3_1mm_ipat2_RMS",
	"ProtocolName": "tfl_epinav_ME3_1mm_ipat2",
	"ScanningSequence": "GR_IR",
	"SequenceVariant": "SK_SP_MP",
	"ScanOptions": "IR",
	"SequenceName": "tfl3d3_16ns",
	"ImageType": ["ORIGINAL", "PRIMARY", "OTHER", "ND", "NORM", "MEAN"],
	"SeriesNumber": 12,
	"AcquisitionTime": "15:09:20.340000",
	"AcquisitionNumber": 1,
	"SliceThickness": 1,
	"SAR": 0.0418767,
	"NumberOfAverages": 3,
	"EchoTime": 0.00169,
	"RepetitionTime": 2.17,
	"InversionTime": 1.1,
	"FlipAngle": 7,
	"PartialFourier": 1,
	"BaseResolution": 256,
	"ShimSetting": [
		2624,
		5387,
		-7533,
		151,
		9,
		-793,
		227,
		-145	],
	"TxRefAmp": 236.239,
	"PhaseResolution": 1,
	"ReceiveCoilName": "HeadNeck_64",
	"ReceiveCoilActiveElements": "HC1-7;NC1,2",
	"CoilString": "HC1-7;NC1_2",
	"PulseSequenceDetails": "%CustomerSeq%_tfl_epinav_711E",
	"RefLinesPE": 36,
	"ConsistencyInfo": "N4_VD13D_LATEST_20130810",
	"PercentPhaseFOV": 87.5,
	"PhaseEncodingSteps": 223,
	"AcquisitionMatrixPE": 224,
	"ReconMatrixPE": 224,
	"ParallelReductionFactorInPlane": 2,
	"PixelBandwidth": 650,
	"DwellTime": 3e-06,
	"ImageOrientationPatientDICOM": [
		0.0545285,
		0.998512,
		-2.23888e-09,
		-0.0513436,
		0.00280386,
		-0.998677	],
	"InPlanePhaseEncodingDirectionDICOM": "ROW",
	"ConversionSoftware": "dcm2niix",
	"ConversionSoftwareVersion": "v1.0.20190902"
}
